PATH
  remote: .
  specs:
    htmless (0.5.0)

GEM
  remote: https://rubygems.org/
  specs:
    builder (3.2.4)
    coderay (1.1.3)
    diff-lcs (1.4.4)
    docile (1.4.0)
    erector (0.10.0)
      treetop (>= 1.2.3)
    erubis (2.7.0)
    ffi (1.15.3-java)
    github-markup (4.0.0)
    markaby (0.9.0)
      builder
    method_source (1.0.0)
    mini_portile2 (2.8.0)
    multi_json (1.15.0)
    nokogiri (1.13.6)
      mini_portile2 (~> 2.8.0)
      racc (~> 1.4)
    nokogiri (1.13.6-java)
      racc (~> 1.4)
    polyglot (0.3.5)
    pry (0.14.1)
      coderay (~> 1.1)
      method_source (~> 1.0)
    pry (0.14.1-java)
      coderay (~> 1.1)
      method_source (~> 1.0)
      spoon (~> 0.0)
    racc (1.6.0)
    racc (1.6.0-java)
    redcarpet (3.5.1)
    rspec (2.99.0)
      rspec-core (~> 2.99.0)
      rspec-expectations (~> 2.99.0)
      rspec-mocks (~> 2.99.0)
    rspec-core (2.99.2)
    rspec-expectations (2.99.2)
      diff-lcs (>= 1.1.3, < 2.0)
    rspec-mocks (2.99.4)
    simplecov (0.21.2)
      docile (~> 1.1)
      simplecov-html (~> 0.11)
      simplecov_json_formatter (~> 0.1)
    simplecov-html (0.12.3)
    simplecov-rcov (0.2.3)
      simplecov (>= 0.4.1)
    simplecov_json_formatter (0.1.3)
    spoon (0.0.6)
      ffi
    tagz (9.10.0)
    tenjin (0.7.1)
    treetop (1.6.11)
      polyglot (~> 0.3)
    yard (0.9.26)

PLATFORMS
  java
  ruby

DEPENDENCIES
  erector
  erubis
  github-markup
  htmless!
  markaby
  multi_json
  nokogiri
  pry
  redcarpet
  rspec (~> 2.0)
  simplecov
  simplecov-rcov
  tagz
  tenjin
  yard

BUNDLED WITH
   1.17.3
